PATH
  remote: .
  specs:
    nodeattr (0.0.2)

GEM
  remote: https://rubygems.org/
  specs:
    rake (10.0.4)

PLATFORMS
  ruby

DEPENDENCIES
  bundler (~> 1.3)
  nodeattr!
  rake
